PATH
  remote: .
  specs:
    stackify-api-ruby (1.0.1)

GEM
  remote: https://rubygems.org/
  specs:
    rake (0.9.6)

PLATFORMS
  ruby

DEPENDENCIES
  bundler (~> 1.6)
  rake (~> 0)
  stackify-api-ruby!
